PATH
  remote: .
  specs:
    tractor (0.1.0)

GEM
  remote: https://rubygems.org/
  specs:
    minitest (5.25.4)
    rake (13.2.1)

PLATFORMS
  ruby
  x86_64-darwin-22

DEPENDENCIES
  minitest (~> 5.16)
  rake (~> 13.0)
  tractor!

BUNDLED WITH
   2.5.22
